GIT
  remote: git://github.com/marciotoshio/rack_health_check.git
  revision: 3bf728361bf07201892fe415d6c039842bd7c284
  specs:
    rack_health_check (0.0.1)

GEM
  remote: https://rubygems.org/
  specs:
    rack (1.6.4)
    rack-protection (1.5.3)
      rack
    redis (3.3.1)
    sinatra (1.4.7)
      rack (~> 1.5)
      rack-protection (~> 1.4)
      tilt (>= 1.3, < 3)
    tilt (2.0.5)

PLATFORMS
  ruby

DEPENDENCIES
  rack_health_check!
  redis
  sinatra

BUNDLED WITH
   1.12.5
